GEM
  remote: https://rubygems.org/
  specs:
    adsf (1.2.1)
      rack (>= 1.0.0)
    colored (1.2)
    commonjs (0.2.7)
    cri (2.7.0)
      colored (~> 1.2)
    less (2.6.0)
      commonjs (~> 0.2.7)
    libv8 (3.16.14.15)
    mini_portile (0.6.2)
    nanoc (4.1.6)
      cri (~> 2.3)
    nokogiri (1.6.6.4)
      mini_portile (~> 0.6.0)
    rack (1.6.4)
    ref (2.0.0)
    therubyracer (0.12.2)
      libv8 (~> 3.16.14.0)
      ref
    yuicompressor (1.3.3)

PLATFORMS
  ruby

DEPENDENCIES
  adsf (~> 1.2.0)
  less (~> 2.6.0)
  nanoc (~> 4)
  nokogiri (~> 1.6.6.2)
  therubyracer (~> 0.12.2)
  yuicompressor (~> 1.3.3)

BUNDLED WITH
   1.12.5
