GEM
  remote: https://rubygems.org/
  specs:
    adsf (1.2.0)
      rack (>= 1.0.0)
    colored (1.2)
    commonjs (0.2.7)
    cri (2.7.0)
      colored (~> 1.2)
    less (2.6.0)
      commonjs (~> 0.2.7)
    libv8 (3.16.14.11)
    nanoc (4.0.0rc2)
      cri (~> 2.3)
    rack (1.6.4)
    ref (2.0.0)
    therubyracer (0.12.2)
      libv8 (~> 3.16.14.0)
      ref
    yuicompressor (1.3.3)

PLATFORMS
  ruby

DEPENDENCIES
  adsf (~> 1.2.0)
  less (~> 2.6.0)
  nanoc (~> 4.0.0rc2)
  therubyracer (~> 0.12.2)
  yuicompressor (~> 1.3.3)

BUNDLED WITH
   1.10.6
